PATH
  remote: .
  specs:
    hexlet_code (0.1.0)
      rake

GEM
  remote: https://rubygems.org/
  specs:
    minitest (5.14.4)
    rake (13.0.6)

PLATFORMS
  x86_64-darwin-18
  x86_64-linux

DEPENDENCIES
  hexlet_code!
  minitest

BUNDLED WITH
   2.2.32
