PATH
  remote: .
  specs:
    hexlet_code (0.1.0)
      haml
      rake

GEM
  remote: https://rubygems.org/
  specs:
    haml (5.2.2)
      temple (>= 0.8.0)
      tilt
    minitest (5.14.4)
    rake (13.0.6)
    temple (0.8.2)
    tilt (2.0.10)

PLATFORMS
  x86_64-darwin-18
  x86_64-linux

DEPENDENCIES
  hexlet_code!
  minitest

BUNDLED WITH
   2.2.32
