PATH
  remote: .
  specs:
    hexlet_code (0.1.0)
      rake
      slim

GEM
  remote: https://rubygems.org/
  specs:
    minitest (5.14.4)
    rake (13.0.6)
    slim (4.1.0)
      temple (>= 0.7.6, < 0.9)
      tilt (>= 2.0.6, < 2.1)
    temple (0.8.2)
    tilt (2.0.10)

PLATFORMS
  x86_64-darwin-18
  x86_64-linux

DEPENDENCIES
  hexlet_code!
  minitest

BUNDLED WITH
   2.2.32
